PATH
  remote: .
  specs:
    fluent-plugin-griddb (1.0.1)
      fluentd (>= 0.14.10, < 2)

GEM
  remote: https://rubygems.org/
  specs:
    concurrent-ruby (1.1.9)
    cool.io (1.7.1)
    fluentd (1.14.2)
      bundler
      cool.io (>= 1.4.5, < 2.0.0)
      http_parser.rb (>= 0.5.1, < 0.8.0)
      msgpack (>= 1.3.1, < 2.0.0)
      serverengine (>= 2.2.2, < 3.0.0)
      sigdump (~> 0.2.2)
      strptime (>= 0.2.4, < 1.0.0)
      tzinfo (>= 1.0, < 3.0)
      tzinfo-data (~> 1.0)
      webrick (>= 1.4.2, < 1.8.0)
      yajl-ruby (~> 1.0)
    http_parser.rb (0.7.0)
    msgpack (1.4.2)
    power_assert (1.1.3)
    rake (12.3.3)
    serverengine (2.2.4)
      sigdump (~> 0.2.2)
    sigdump (0.2.4)
    strptime (0.2.5)
    test-unit (3.2.8)
      power_assert
    tzinfo (2.0.4)
      concurrent-ruby (~> 1.0)
    tzinfo-data (1.2021.5)
      tzinfo (>= 1.0.0)
    webrick (1.7.0)
    yajl-ruby (1.4.2)

PLATFORMS
  ruby

DEPENDENCIES
  bundler (~> 1.14)
  fluent-plugin-griddb!
  rake (~> 12.0)
  test-unit (~> 3.0)

BUNDLED WITH
   1.16.5
